GEM
  remote: https://rubygems.org/
  specs:
    bubble-wrap (1.1.4)
    motion-ocr (0.0.1)

PLATFORMS
  ruby

DEPENDENCIES
  bubble-wrap
  motion-ocr
